GIT
  remote: git://github.com/jcoyne/kaminari.git
  revision: 7f7108e12bdd64eb5a76177633768feb14df5453
  branch: sufia
  specs:
    kaminari (1.0.0.alpha)
      actionpack (>= 3.0.0)
      activesupport (>= 3.0.0)

GIT
  remote: git://github.com/mlibrary/umichwrapper.git
  revision: 9a0d3b7121dcf11ce0422365782043d735189bc6
  branch: master
  specs:
    umichwrapper (0.2.0)
      activesupport (>= 3.0.0)
      i18n
      logger
      typhoeus

GIT
  remote: git://github.com/projecthydra/sufia.git
  revision: 0960f98d4c83b70db4c12baa40a59f71a3bef25c
  branch: master
  specs:
    sufia (7.0.0.beta1)
      activerecord-import (~> 0.5)
      activeresource (~> 4.0)
      acts_as_follower (>= 0.1.1, < 0.3)
      blacklight-gallery (~> 0.1)
      browse-everything (~> 0.4)
      carrierwave (~> 0.9)
      curation_concerns (~> 0.7)
      daemons (~> 1.1)
      font-awesome-rails (~> 4.2)
      google-api-client (~> 0.7, < 0.9)
      hydra-batch-edit (~> 1.1)
      hydra-works (~> 0.7)
      json-schema
      legato (~> 0.3)
      mail_form (~> 1.5)
      mailboxer (~> 0.12)
      nest (~> 1.1)
      oauth
      oauth2 (~> 0.9)
      posix-spawn
      select2-rails (~> 3.5.9)
      tinymce-rails (~> 4.1)
      tinymce-rails-imageupload (~> 4.0.16.beta)
      yaml_db (~> 0.2)

GEM
  remote: https://rubygems.org/
  specs:
    actionmailer (4.2.5)
      actionpack (= 4.2.5)
      actionview (= 4.2.5)
      activejob (= 4.2.5)
      mail (~> 2.5, >= 2.5.4)
      rails-dom-testing (~> 1.0, >= 1.0.5)
    actionpack (4.2.5)
      actionview (= 4.2.5)
      activesupport (= 4.2.5)
      rack (~> 1.6)
      rack-test (~> 0.6.2)
      rails-dom-testing (~> 1.0, >= 1.0.5)
      rails-html-sanitizer (~> 1.0, >= 1.0.2)
    actionview (4.2.5)
      activesupport (= 4.2.5)
      builder (~> 3.1)
      erubis (~> 2.7.0)
      rails-dom-testing (~> 1.0, >= 1.0.5)
      rails-html-sanitizer (~> 1.0, >= 1.0.2)
    active-fedora (9.8.2)
      active-triples (~> 0.7.1)
      activesupport (>= 4.1.0)
      deprecation
      ldp (~> 0.4.0)
      linkeddata
      nom-xml (>= 0.5.1)
      om (~> 3.1)
      rdf-rdfxml (~> 1.1)
      rsolr (~> 1.0.10)
    active-triples (0.7.5)
      activemodel (>= 3.0.0)
      activesupport (>= 3.0.0)
      deprecation (~> 0.1)
      linkeddata (~> 1.1)
      rdf (~> 1.1)
    active_attr (0.9.0)
      activemodel (>= 3.0.2, < 5.1)
      activesupport (>= 3.0.2, < 5.1)
    active_fedora-noid (1.0.3)
      active-fedora (~> 9.7)
      noid (~> 0.7)
    activefedora-aggregation (0.8.1)
      active-fedora (~> 9.5)
      activesupport
      rdf (~> 1.1, >= 1.1.17.1)
      rdf-vocab (~> 0.8.1)
    activejob (4.2.5)
      activesupport (= 4.2.5)
      globalid (>= 0.3.0)
    activemodel (4.2.5)
      activesupport (= 4.2.5)
      builder (~> 3.1)
    activerecord (4.2.5)
      activemodel (= 4.2.5)
      activesupport (= 4.2.5)
      arel (~> 6.0)
    activerecord-import (0.11.0)
      activerecord (>= 3.0)
    activeresource (4.0.0)
      activemodel (~> 4.0)
      activesupport (~> 4.0)
      rails-observers (~> 0.1.1)
    activesupport (4.2.5)
      i18n (~> 0.7)
      json (~> 1.7, >= 1.7.7)
      minitest (~> 5.1)
      thread_safe (~> 0.3, >= 0.3.4)
      tzinfo (~> 1.1)
    acts_as_follower (0.2.1)
    addressable (2.3.8)
    arel (6.0.3)
    autoparse (0.3.3)
      addressable (>= 2.3.1)
      extlib (>= 0.9.15)
      multi_json (>= 1.0.0)
    autoprefixer-rails (6.3.2)
      execjs
      json
    babel-source (5.8.35)
    babel-transpiler (0.7.0)
      babel-source (>= 4.0, < 6)
      execjs (~> 2.0)
    bcp47 (0.3.3)
      i18n
    bcrypt (3.1.10)
    better_errors (2.1.1)
      coderay (>= 1.0.0)
      erubis (>= 2.6.6)
      rack (>= 0.9.0)
    binding_of_caller (0.7.2)
      debug_inspector (>= 0.0.1)
    blacklight (6.0.1)
      bootstrap-sass (~> 3.2)
      deprecation
      globalid
      kaminari (>= 0.15)
      nokogiri (~> 1.6)
      rails (>= 4.1, < 5)
      rsolr (~> 1.0.11)
      twitter-typeahead-rails (~> 0.11)
    blacklight-access_controls (0.3.0)
      blacklight (~> 6.0)
      cancancan (~> 1.8)
    blacklight-gallery (0.5.0)
      blacklight (> 6.0.0.pre, < 7)
      bootstrap-sass (~> 3.0)
      openseadragon (>= 0.2.0)
      rails
    blacklight_advanced_search (6.0.1)
      blacklight (~> 6.0.1)
      parslet
    blankslate (3.1.3)
    bootstrap-sass (3.3.6)
      autoprefixer-rails (>= 5.2.1)
      sass (>= 3.3.4)
    breadcrumbs_on_rails (2.3.1)
    browse-everything (0.9.1)
      bootstrap-sass
      dropbox-sdk (>= 1.6.2)
      font-awesome-rails
      google-api-client
      google_drive
      httparty
      rails (>= 3.1)
      ruby-box
      sass-rails
      skydrive
    builder (3.2.2)
    byebug (8.2.2)
    cancancan (1.13.1)
    capybara (2.6.2)
      addressable
      mime-types (>= 1.16)
      nokogiri (>= 1.3.3)
      rack (>= 1.0.0)
      rack-test (>= 0.5.4)
      xpath (~> 2.0)
    carrierwave (0.10.0)
      activemodel (>= 3.2.0)
      activesupport (>= 3.2.0)
      json (>= 1.7)
      mime-types (>= 1.16)
    cliver (0.3.2)
    coderay (1.1.0)
    coffee-rails (4.1.1)
      coffee-script (>= 2.2.0)
      railties (>= 4.0.0, < 5.1.x)
    coffee-script (2.4.1)
      coffee-script-source
      execjs
    coffee-script-source (1.10.0)
    concurrent-ruby (1.0.0)
    curation_concerns (0.8.0)
      blacklight (~> 6.0)
      blacklight_advanced_search (~> 6.0)
      breadcrumbs_on_rails (~> 2.3)
      curation_concerns-models (= 0.8.0)
      hydra-editor (~> 1.1)
      hydra-head (~> 9.6)
      jquery-ui-rails
      rails_autolink
      simple_form (~> 3.1)
      sprockets-es6
    curation_concerns-models (0.8.0)
      active_attr
      active_fedora-noid (~> 1.0)
      hydra-collections (~> 7.0)
      hydra-head (~> 9.3)
      hydra-works (~> 0.7)
      qa (~> 0.5)
      redlock (~> 0.1.2)
      resque (~> 1.23)
      resque-pool (~> 0.3)
    daemons (1.2.3)
    debug_inspector (0.0.2)
    deprecation (0.2.2)
      activesupport
    devise (3.5.6)
      bcrypt (~> 3.0)
      orm_adapter (~> 0.1)
      railties (>= 3.2.6, < 5)
      responders
      thread_safe (~> 0.1)
      warden (~> 1.2.3)
    devise-guests (0.5.0)
      devise
    diff-lcs (1.2.5)
    domain_name (0.5.20160128)
      unf (>= 0.0.5, < 1.0.0)
    dropbox-sdk (1.6.5)
      json
    ebnf (1.0.0)
      rdf (~> 1.1)
      sxp (~> 0.1, >= 0.1.3)
    engine_cart (0.8.2)
      bundler (~> 1.5)
      rails
    equivalent-xml (0.6.0)
      nokogiri (>= 1.4.3)
    erubis (2.7.0)
    ethon (0.8.1)
      ffi (>= 1.3.0)
    execjs (2.6.0)
    extlib (0.9.16)
    ezid-client (1.2.0)
      hashie
    faraday (0.9.2)
      multipart-post (>= 1.2, < 3)
    fcrepo_wrapper (0.2.1)
      ruby-progressbar
    ffaker (2.2.0)
    ffi (1.9.10)
    font-awesome-rails (4.5.0.1)
      railties (>= 3.2, < 5.1)
    foreigner (1.7.4)
      activerecord (>= 3.0.0)
    globalid (0.3.6)
      activesupport (>= 4.1.0)
    google-api-client (0.8.6)
      activesupport (>= 3.2)
      addressable (~> 2.3)
      autoparse (~> 0.3)
      extlib (~> 0.9)
      faraday (~> 0.9)
      googleauth (~> 0.3)
      launchy (~> 2.4)
      multi_json (~> 1.10)
      retriable (~> 1.4)
      signet (~> 0.6)
    google_drive (1.0.5)
      google-api-client (>= 0.7.0, < 0.9)
      nokogiri (>= 1.4.4, != 1.5.2, != 1.5.1)
      oauth (>= 0.3.6)
      oauth2 (>= 0.5.0)
    googleauth (0.5.1)
      faraday (~> 0.9)
      jwt (~> 1.4)
      logging (~> 2.0)
      memoist (~> 0.12)
      multi_json (~> 1.11)
      os (~> 0.9)
      signet (~> 0.7)
    haml (4.0.7)
      tilt
    hashie (3.4.3)
    htmlentities (4.3.4)
    httmultiparty (0.3.16)
      httparty (>= 0.7.3)
      mimemagic
      multipart-post
    http-cookie (1.0.2)
      domain_name (~> 0.5)
    http_logger (0.5.1)
    httparty (0.13.7)
      json (~> 1.8)
      multi_xml (>= 0.5.2)
    hydra-access-controls (9.7.1)
      active-fedora (~> 9.8)
      activesupport (~> 4.0)
      blacklight (>= 5.16)
      blacklight-access_controls (~> 0.1)
      cancancan (~> 1.8)
      deprecation (~> 0.2)
    hydra-batch-edit (1.1.1)
      blacklight
      hydra-collections
    hydra-collections (7.0.0)
      blacklight (~> 6.0)
      deprecation (~> 0.1)
      hydra-head (~> 9.1)
      hydra-works (~> 0.4)
      rdf (~> 1.99)
      rdf-vocab (~> 0)
    hydra-core (9.7.1)
      active-fedora (~> 9.8)
      hydra-access-controls (= 9.7.1)
      rails (~> 4.0)
    hydra-derivatives (3.0.0)
      active-fedora (~> 9.0)
      activesupport (~> 4.0)
      deprecation
      mime-types (< 3)
      mini_magick (>= 3.2, < 5)
    hydra-editor (1.2.0)
      active-fedora (>= 9.0.0)
      cancancan (~> 1.8)
      rails (~> 4.1)
      simple_form (~> 3.1.0)
    hydra-file_characterization (0.3.3)
      activesupport (>= 3.0.0)
    hydra-head (9.7.1)
      hydra-access-controls (= 9.7.1)
      hydra-core (= 9.7.1)
      rails (>= 3.2.6)
    hydra-pcdm (0.4.0)
      active-fedora (~> 9.6)
      activefedora-aggregation (~> 0.6)
      mime-types (>= 1)
    hydra-works (0.7.0)
      hydra-derivatives (~> 3.0)
      hydra-file_characterization (~> 0.3, >= 0.3.3)
      hydra-pcdm (~> 0.4)
    i18n (0.7.0)
    jbuilder (2.4.0)
      activesupport (>= 3.0.0, < 5.1)
      multi_json (~> 1.2)
    jquery-rails (4.1.0)
      rails-dom-testing (~> 1.0)
      railties (>= 4.2.0)
      thor (>= 0.14, < 2.0)
    jquery-ui-rails (5.0.5)
      railties (>= 3.2.16)
    json (1.8.3)
    json-ld (1.99.0)
      multi_json (~> 1.11)
      rdf (~> 1.99)
    json-schema (2.6.0)
      addressable (~> 2.3.8)
    jwt (1.5.2)
    launchy (2.4.3)
      addressable (~> 2.3)
    ldp (0.4.1)
      faraday
      http_logger
      linkeddata (>= 1.1)
      slop
    legato (0.6.2)
      multi_json
    link_header (0.0.8)
    linkeddata (1.99.0)
      equivalent-xml (~> 0.6)
      json-ld (~> 1.99)
      nokogiri (~> 1.6)
      rdf (~> 1.99)
      rdf-aggregate-repo (~> 1.99)
      rdf-isomorphic (~> 1.99)
      rdf-json (~> 1.1, >= 1.1.2)
      rdf-microdata (~> 2.0, >= 2.0.2)
      rdf-n3 (~> 1.99)
      rdf-rdfa (~> 1.99)
      rdf-rdfxml (~> 1.1, >= 1.1.5)
      rdf-reasoner (~> 0.3)
      rdf-tabular (~> 0.3)
      rdf-trig (~> 1.99, >= 1.99.0.1)
      rdf-trix (~> 1.99)
      rdf-turtle (~> 1.99)
      rdf-vocab (~> 0.8, >= 0.8.6)
      rdf-xsd (~> 1.1, >= 1.1.5)
      sparql (~> 1.99)
      sparql-client (~> 1.99)
    little-plugger (1.1.4)
    logger (1.2.8)
    logging (2.0.0)
      little-plugger (~> 1.1)
      multi_json (~> 1.10)
    loofah (2.0.3)
      nokogiri (>= 1.5.9)
    mail (2.6.3)
      mime-types (>= 1.16, < 3)
    mail_form (1.5.1)
      actionmailer (>= 3.2, < 5)
      activemodel (>= 3.2, < 5)
    mailboxer (0.13.0)
      carrierwave (>= 0.5.8)
      foreigner (>= 0.9.1)
      rails (>= 3.2.0)
    memoist (0.14.0)
    method_source (0.8.2)
    mime-types (2.99)
    mimemagic (0.3.1)
    mini_magick (4.4.0)
    mini_portile2 (2.0.0)
    minitest (5.8.4)
    mono_logger (1.1.0)
    multi_json (1.11.2)
    multi_xml (0.5.5)
    multipart-post (2.0.0)
    mysql2 (0.4.2)
    nest (1.1.2)
      redis
    net-http-persistent (2.9.4)
    netrc (0.11.0)
    noid (0.8.0)
    nokogiri (1.6.7.2)
      mini_portile2 (~> 2.0.0.rc2)
    nom-xml (0.5.4)
      activesupport (>= 3.2.18)
      i18n
      nokogiri
    oauth (0.4.7)
    oauth2 (0.9.4)
      faraday (>= 0.8, < 0.10)
      jwt (~> 1.0)
      multi_json (~> 1.3)
      multi_xml (~> 0.5)
      rack (~> 1.2)
    om (3.1.0)
      activemodel
      activesupport
      nokogiri (>= 1.4.2)
      solrizer (~> 3.3)
    openseadragon (0.2.1)
      rails (> 3.2.0)
    orm_adapter (0.5.0)
    os (0.9.6)
    parslet (1.7.1)
      blankslate (>= 2.0, <= 4.0)
    poltergeist (1.9.0)
      capybara (~> 2.1)
      cliver (~> 0.3.1)
      multi_json (~> 1.0)
      websocket-driver (>= 0.2.0)
    posix-spawn (0.3.11)
    pry (0.10.3)
      coderay (~> 1.1.0)
      method_source (~> 0.8.1)
      slop (~> 3.4)
    pry-byebug (3.3.0)
      byebug (~> 8.0)
      pry (~> 0.10)
    pry-rails (0.3.4)
      pry (>= 0.9.10)
    puma (2.16.0)
    qa (0.5.0)
      activerecord-import
      deprecation
      nokogiri (~> 1.6.0)
      rails (>= 3.2.13, < 5.0)
      rest-client
    rack (1.6.4)
    rack-protection (1.5.3)
      rack
    rack-test (0.6.3)
      rack (>= 1.0)
    rails (4.2.5)
      actionmailer (= 4.2.5)
      actionpack (= 4.2.5)
      actionview (= 4.2.5)
      activejob (= 4.2.5)
      activemodel (= 4.2.5)
      activerecord (= 4.2.5)
      activesupport (= 4.2.5)
      bundler (>= 1.3.0, < 2.0)
      railties (= 4.2.5)
      sprockets-rails
    rails-deprecated_sanitizer (1.0.3)
      activesupport (>= 4.2.0.alpha)
    rails-dom-testing (1.0.7)
      activesupport (>= 4.2.0.beta, < 5.0)
      nokogiri (~> 1.6.0)
      rails-deprecated_sanitizer (>= 1.0.1)
    rails-html-sanitizer (1.0.3)
      loofah (~> 2.0)
    rails-observers (0.1.2)
      activemodel (~> 4.0)
    rails_autolink (1.1.6)
      rails (> 3.1)
    railties (4.2.5)
      actionpack (= 4.2.5)
      activesupport (= 4.2.5)
      rake (>= 0.8.7)
      thor (>= 0.18.1, < 2.0)
    rake (10.5.0)
    rdf (1.99.1)
      link_header (~> 0.0, >= 0.0.8)
    rdf-aggregate-repo (1.99.0)
      rdf (~> 1.99)
    rdf-isomorphic (1.99.0)
      rdf (~> 1.99)
    rdf-json (1.99.0)
      rdf (~> 1.99)
    rdf-microdata (2.0.2)
      htmlentities (~> 4.3)
      nokogiri (~> 1.6)
      rdf (~> 1.1)
      rdf-xsd (~> 1.1)
    rdf-n3 (1.99.0)
      rdf (~> 1.99)
    rdf-rdfa (1.99.0)
      haml (~> 4.0)
      htmlentities (~> 4.3)
      rdf (~> 1.99)
      rdf-aggregate-repo (~> 1.1)
      rdf-xsd (~> 1.1)
    rdf-rdfxml (1.99.0)
      htmlentities (~> 4.3)
      rdf (~> 1.99)
      rdf-rdfa (~> 1.99)
      rdf-xsd (~> 1.99)
    rdf-reasoner (0.3.0)
      rdf (~> 1.1, >= 1.1.4.2)
      rdf-turtle (~> 1.1)
      rdf-vocab (~> 0.8)
      rdf-xsd (~> 1.1)
    rdf-tabular (0.3.0)
      addressable (~> 2.3)
      bcp47 (~> 0.3, >= 0.3.3)
      json-ld (~> 1.1)
      rdf (~> 1.1, >= 1.1.7)
      rdf-vocab (~> 0.8)
      rdf-xsd (~> 1.1)
    rdf-trig (1.99.0.1)
      ebnf (~> 1.0)
      rdf (~> 1.99)
      rdf-turtle (~> 1.99)
    rdf-trix (1.99.0)
      rdf (~> 1.1)
    rdf-turtle (1.99.0)
      ebnf (~> 1.0)
      rdf (~> 1.99)
    rdf-vocab (0.8.7.1)
      rdf (~> 1.1, >= 1.1.10)
    rdf-xsd (1.99.0)
      rdf (~> 1.99)
    rdoc (4.2.1)
      json (~> 1.4)
    redis (3.2.2)
    redis-namespace (1.5.2)
      redis (~> 3.0, >= 3.0.4)
    redlock (0.1.5)
      redis (~> 3, >= 3.0.5)
    responders (2.1.1)
      railties (>= 4.2.0, < 5.1)
    resque (1.25.2)
      mono_logger (~> 1.0)
      multi_json (~> 1.0)
      redis-namespace (~> 1.3)
      sinatra (>= 0.9.2)
      vegas (~> 0.1.2)
    resque-pool (0.6.0)
      rake
      resque (~> 1.22)
    rest-client (1.8.0)
      http-cookie (>= 1.0.2, < 2.0)
      mime-types (>= 1.16, < 3.0)
      netrc (~> 0.7)
    retriable (1.4.1)
    rsolr (1.0.13)
      builder (>= 2.1.2)
    rspec-activemodel-mocks (1.0.3)
      activemodel (>= 3.0)
      activesupport (>= 3.0)
      rspec-mocks (>= 2.99, < 4.0)
    rspec-core (3.4.2)
      rspec-support (~> 3.4.0)
    rspec-expectations (3.4.0)
      diff-lcs (>= 1.2.0, < 2.0)
      rspec-support (~> 3.4.0)
    rspec-mocks (3.4.1)
      diff-lcs (>= 1.2.0, < 2.0)
      rspec-support (~> 3.4.0)
    rspec-rails (3.4.2)
      actionpack (>= 3.0, < 4.3)
      activesupport (>= 3.0, < 4.3)
      railties (>= 3.0, < 4.3)
      rspec-core (~> 3.4.0)
      rspec-expectations (~> 3.4.0)
      rspec-mocks (~> 3.4.0)
      rspec-support (~> 3.4.0)
    rspec-support (3.4.1)
    ruby-box (1.15.0)
      addressable
      json
      multipart-post
      oauth2
    ruby-progressbar (1.7.5)
    rubyzip (1.1.7)
    sass (3.4.21)
    sass-rails (5.0.4)
      railties (>= 4.0.0, < 5.0)
      sass (~> 3.1)
      sprockets (>= 2.8, < 4.0)
      sprockets-rails (>= 2.0, < 4.0)
      tilt (>= 1.1, < 3)
    sdoc (0.4.1)
      json (~> 1.7, >= 1.7.7)
      rdoc (~> 4.0)
    select2-rails (3.5.9.3)
      thor (~> 0.14)
    shoulda-context (1.2.1)
    shoulda-matchers (3.1.1)
      activesupport (>= 4.0.0)
    signet (0.7.2)
      addressable (~> 2.3)
      faraday (~> 0.9)
      jwt (~> 1.5)
      multi_json (~> 1.10)
    simple_form (3.1.1)
      actionpack (~> 4.0)
      activemodel (~> 4.0)
    sinatra (1.4.7)
      rack (~> 1.5)
      rack-protection (~> 1.4)
      tilt (>= 1.3, < 3)
    skydrive (1.2.0)
      activesupport
      httmultiparty
      httparty (>= 0.11.0)
      oauth2 (>= 0.9.2)
    slop (3.6.0)
    solr_wrapper (0.5.0)
      ruby-progressbar
      rubyzip
    solrizer (3.3.0)
      activesupport
      daemons
      nokogiri
      stomp
      xml-simple
    sparql (1.99.0)
      builder (~> 3.2)
      ebnf (~> 1.0)
      rdf (~> 1.99)
      rdf-aggregate-repo (~> 1.99)
      rdf-xsd (~> 1.1)
      sparql-client (~> 1.1)
      sxp (~> 0.1)
    sparql-client (1.99.0)
      net-http-persistent (~> 2.9)
      rdf (~> 1.1)
    sprockets (3.5.2)
      concurrent-ruby (~> 1.0)
      rack (> 1, < 3)
    sprockets-es6 (0.9.0)
      babel-source (>= 5.8.11)
      babel-transpiler
      sprockets (>= 3.0.0)
    sprockets-rails (3.0.1)
      actionpack (>= 4.0)
      activesupport (>= 4.0)
      sprockets (>= 3.0.0)
    sqlite3 (1.3.11)
    stomp (1.3.4)
    sxp (0.1.5)
    thor (0.19.1)
    thread_safe (0.3.5)
    tilt (2.0.2)
    tinymce-rails (4.3.3)
      railties (>= 3.1.1)
    tinymce-rails-imageupload (4.0.16.beta)
      railties (>= 3.2, < 5)
      tinymce-rails (~> 4.0)
    turbolinks (2.5.3)
      coffee-rails
    twitter-typeahead-rails (0.11.1)
      actionpack (>= 3.1)
      jquery-rails
      railties (>= 3.1)
    typhoeus (1.0.1)
      ethon (>= 0.8.0)
    tzinfo (1.2.2)
      thread_safe (~> 0.1)
    uglifier (2.7.2)
      execjs (>= 0.3.0)
      json (>= 1.8.0)
    unf (0.1.4)
      unf_ext
    unf_ext (0.0.7.2)
    vegas (0.1.11)
      rack (>= 1.0.0)
    warden (1.2.6)
      rack (>= 1.0)
    web-console (2.3.0)
      activemodel (>= 4.0)
      binding_of_caller (>= 0.7.2)
      railties (>= 4.0)
      sprockets-rails (>= 2.0, < 4.0)
    websocket-driver (0.6.3)
      websocket-extensions (>= 0.1.0)
    websocket-extensions (0.1.2)
    xml-simple (1.1.5)
    xpath (2.0.0)
      nokogiri (~> 1.3)
    yaml_db (0.3.0)
      rails (>= 3.0, < 4.3)
      rake (>= 0.8.7)

PLATFORMS
  ruby

DEPENDENCIES
  better_errors
  binding_of_caller
  byebug
  capybara
  coffee-rails (~> 4.1.0)
  devise
  devise-guests (~> 0.3)
  engine_cart
  ezid-client
  fcrepo_wrapper (~> 0.1)
  ffaker
  jbuilder (~> 2.0)
  jquery-rails
  kaminari!
  mysql2
  poltergeist
  pry
  pry-byebug
  pry-rails
  puma
  rails (= 4.2.5)
  rsolr (~> 1.0.6)
  rspec-activemodel-mocks
  rspec-rails
  sass-rails (~> 5.0)
  sdoc (~> 0.4.0)
  shoulda-context
  shoulda-matchers
  solr_wrapper (~> 0.5)
  sqlite3
  sufia!
  turbolinks
  uglifier (>= 1.3.0)
  umichwrapper!
  web-console (~> 2.0)

BUNDLED WITH
   1.11.2
